GEM
  remote: https://rubygems.org/
  specs:
    cinch (2.2.6)

PLATFORMS
  ruby

DEPENDENCIES
  cinch (~> 2.2.6)
